{
	"TaskName": "msit",
	"Modality": "MR",
	"MagneticFieldStrength": 3,
	"ImagingFrequency": 123.25978,
	"Manufacturer": "Siemens",
	"ManufacturersModelName": "TrioTim",
	"InstitutionName": "University of Maryland",
	"InstitutionalDepartmentName": "Department",
	"InstitutionAddress": "South Paca St 110,Baltimore,District,US,21201",
	"DeviceSerialNumber": "35035",
	"StationName": "MRC35035",
	"PatientPosition": "HFS",
	"ProcedureStepDescription": "RAO^fMRI",
	"SoftwareVersions": "syngo MR B17",
	"MRAcquisitionType": "2D",
	"SeriesDescription": "fmri_pain_MSIT_1",
	"ProtocolName": "fmri_pain_MSIT_1",
	"ScanningSequence": "EP",
	"SequenceVariant": "SK",
	"ScanOptions": "FS",
	"SequenceName": "*epfid2d1_128",
	"ImageType": ["ORIGINAL", "PRIMARY", "M", "ND", "NORM", "MOSAIC"],
	"NonlinearGradientCorrection": false,
	"SeriesNumber": 5,
	"AcquisitionTime": "09:11:9.070000",
	"AcquisitionNumber": 1,
	"SliceThickness": 4,
	"SpacingBetweenSlices": 4,
	"SAR": 0.143099,
	"EchoTime": 0.03,
	"RepetitionTime": 2.5,
	"FlipAngle": 90,
	"PartialFourier": 1,
	"BaseResolution": 128,
	"ShimSetting": [
		10631,
		-29602,
		-2003,
		1085,
		-118,
		331,
		-28,
		-21	],
	"TxRefAmp": 337.783,
	"PhaseResolution": 1,
	"ReceiveCoilName": "32Ch_Head",
	"CoilString": "C:HEA;HEP",
	"PulseSequenceDetails": "%SiemensSeq%\\ep2d_bold",
	"RefLinesPE": 24,
	"CoilCombinationMethod": "Sum of Squares",
	"MatrixCoilMode": "GRAPPA",
	"PercentPhaseFOV": 100,
	"PercentSampling": 100,
	"PhaseEncodingSteps": 127,
	"AcquisitionMatrixPE": 128,
	"ReconMatrixPE": 128,
	"BandwidthPerPixelPhaseEncode": 20.559,
	"ParallelReductionFactorInPlane": 2,
	"EffectiveEchoSpacing": 0.000380004,
	"DerivedVendorReportedEchoSpacing": 0.000760008,
	"TotalReadoutTime": 0.0482605,
	"PixelBandwidth": 1563,
	"DwellTime": 2.5e-06,
	"PhaseEncodingDirection": "j-",
	"SliceTiming": [
		1.255,
		0,
		1.325,
		0.07,
		1.395,
		0.14,
		1.465,
		0.21,
		1.535,
		0.28,
		1.605,
		0.35,
		1.6725,
		0.42,
		1.7425,
		0.4875,
		1.8125,
		0.5575,
		1.8825,
		0.6275,
		1.9525,
		0.6975,
		2.0225,
		0.7675,
		2.0925,
		0.8375,
		2.1625,
		0.9075,
		2.23,
		0.9775,
		2.3,
		1.045,
		2.37,
		1.115,
		2.44,
		1.185	],
	"ImageOrientationPatientDICOM": [
		0.996352,
		0.0206414,
		0.0828077,
		-0.0173914,
		0.999057,
		-0.0397778	],
	"ImageOrientationText": "Tra>Sag(4.8)>Cor(-2.2)",
	"InPlanePhaseEncodingDirectionDICOM": "COL",
	"ConversionSoftware": "dcm2niix",
	"ConversionSoftwareVersion": "v1.0.20230411"
}
