{
	"Modality": "MR",
	"MagneticFieldStrength": 3,
	"ImagingFrequency": 123.259538,
	"Manufacturer": "Siemens",
	"ManufacturersModelName": "TrioTim",
	"InstitutionName": "University of Maryland - Baltimore",
	"InstitutionalDepartmentName": "Department",
	"InstitutionAddress": "South Paca St 110,Baltimore,District,US,21201",
	"DeviceSerialNumber": "35035",
	"StationName": "MRC35035",
	"PatientPosition": "HFS",
	"ProcedureStepDescription": "RAO^fMRI",
	"SoftwareVersions": "syngo MR B17",
	"MRAcquisitionType": "3D",
	"SeriesDescription": "MPRAGE_PAIN201312_Ref48",
	"ProtocolName": "MPRAGE_PAIN201312_Ref48",
	"ScanningSequence": "GR\\IR",
	"SequenceVariant": "SP\\MP",
	"ScanOptions": "IR",
	"SequenceName": "*tfl3d1_ns",
	"ImageType": ["ORIGINAL", "PRIMARY", "M", "ND", "NORM"],
	"NonlinearGradientCorrection": false,
	"SeriesNumber": 17,
	"AcquisitionTime": "15:58:9.902500",
	"AcquisitionNumber": 1,
	"SliceThickness": 1,
	"SAR": 0.121838,
	"EchoTime": 0.00298,
	"RepetitionTime": 2.3,
	"InversionTime": 0.9,
	"FlipAngle": 9,
	"PartialFourier": 1,
	"BaseResolution": 256,
	"ShimSetting": [
		10691,
		-29653,
		-1925,
		665,
		0,
		-34,
		-26,
		-25	],
	"TxRefAmp": 351.79,
	"PhaseResolution": 1,
	"ReceiveCoilName": "32Ch_Head",
	"CoilString": "C:HEA;HEP",
	"PulseSequenceDetails": "%SiemensSeq%\\tfl",
	"RefLinesPE": 48,
	"CoilCombinationMethod": "Adaptive Combine",
	"MatrixCoilMode": "GRAPPA",
	"PercentPhaseFOV": 93.75,
	"PercentSampling": 100,
	"PhaseEncodingSteps": 239,
	"AcquisitionMatrixPE": 240,
	"ReconMatrixPE": 240,
	"ParallelReductionFactorInPlane": 2,
	"PixelBandwidth": 238,
	"DwellTime": 8.2e-06,
	"ImageOrientationPatientDICOM": [
		0.0245335,
		0.999699,
		1.29267e-08,
		0.0661056,
		-0.00162228,
		-0.997811	],
	"ImageOrientationText": "Sag>Tra(-3.8)>Cor(1.4)",
	"InPlanePhaseEncodingDirectionDICOM": "ROW",
	"ConversionSoftware": "dcm2niix",
	"ConversionSoftwareVersion": "v1.0.20230411"
}
