{
	"TaskName": "rest",
	"Modality": "MR",
	"MagneticFieldStrength": 3,
	"ImagingFrequency": 123.259661,
	"Manufacturer": "Siemens",
	"ManufacturersModelName": "TrioTim",
	"InstitutionName": "University of Maryland - Baltimore",
	"InstitutionalDepartmentName": "Department",
	"InstitutionAddress": "South Paca St 110,Baltimore,District,US,21201",
	"DeviceSerialNumber": "35035",
	"StationName": "MRC35035",
	"PatientPosition": "HFS",
	"ProcedureStepDescription": "RAO^fMRI",
	"SoftwareVersions": "syngo MR B17",
	"MRAcquisitionType": "2D",
	"SeriesDescription": "RS_fMRI_PAIN201401",
	"ProtocolName": "RS_fMRI_PAIN201401",
	"ScanningSequence": "EP",
	"SequenceVariant": "SK",
	"ScanOptions": "FS",
	"SequenceName": "*epfid2d1_64",
	"ImageType": ["ORIGINAL", "PRIMARY", "M", "ND", "NORM", "MOSAIC"],
	"NonlinearGradientCorrection": false,
	"SeriesNumber": 3,
	"AcquisitionTime": "08:44:58.252500",
	"AcquisitionNumber": 1,
	"SliceThickness": 4,
	"SpacingBetweenSlices": 4.48,
	"SAR": 0.234203,
	"EchoTime": 0.028,
	"RepetitionTime": 2,
	"FlipAngle": 77,
	"PartialFourier": 1,
	"BaseResolution": 64,
	"ShimSetting": [
		10656,
		-29527,
		-1929,
		1096,
		-337,
		536,
		411,
		127	],
	"TxRefAmp": 339.137,
	"PhaseResolution": 1,
	"ReceiveCoilName": "32Ch_Head",
	"CoilString": "C:HEA;HEP",
	"PulseSequenceDetails": "%SiemensSeq%\\ep2d_bold",
	"RefLinesPE": 24,
	"CoilCombinationMethod": "Adaptive Combine",
	"MatrixCoilMode": "GRAPPA",
	"PercentPhaseFOV": 100,
	"PercentSampling": 100,
	"PhaseEncodingSteps": 63,
	"AcquisitionMatrixPE": 64,
	"ReconMatrixPE": 64,
	"BandwidthPerPixelPhaseEncode": 71.023,
	"ParallelReductionFactorInPlane": 2,
	"EffectiveEchoSpacing": 0.000219999,
	"DerivedVendorReportedEchoSpacing": 0.000439998,
	"TotalReadoutTime": 0.0138599,
	"PixelBandwidth": 3005,
	"DwellTime": 2.6e-06,
	"PhaseEncodingDirection": "j-",
	"SliceTiming": [
		0,
		0.05,
		0.1,
		0.15,
		0.2,
		0.25,
		0.3,
		0.35,
		0.4025,
		0.4525,
		0.5025,
		0.5525,
		0.6025,
		0.6525,
		0.7025,
		0.7525,
		0.8025,
		0.8525,
		0.9025,
		0.9525,
		1.0025,
		1.055,
		1.105,
		1.155,
		1.205,
		1.255,
		1.305,
		1.355,
		1.405,
		1.455,
		1.505,
		1.555,
		1.605,
		1.655,
		1.7075,
		1.7575,
		1.8075,
		1.8575,
		1.9075,
		1.9575	],
	"ImageOrientationPatientDICOM": [
		0.9987,
		0.0439838,
		0.0257434,
		-0.0348753,
		0.958161,
		-0.284096	],
	"ImageOrientationText": "Tra>Cor(-16.4)>Sag(2.1)",
	"InPlanePhaseEncodingDirectionDICOM": "COL",
	"ConversionSoftware": "dcm2niix",
	"ConversionSoftwareVersion": "v1.0.20230411"
}
