{
	"Modality": "MR",
	"MagneticFieldStrength": 3,
	"ImagingFrequency": 123.26,
	"Manufacturer": "Siemens",
	"ManufacturersModelName": "TrioTim",
	"InstitutionName": "University_of_Maryland_-_Baltimore",
	"InstitutionalDepartmentName": "Department",
	"InstitutionAddress": "South_Paca_St_110_Baltimore_District_US_21201",
	"DeviceSerialNumber": "35035",
	"StationName": "MRC35035",
	"PatientPosition": "HFS",
	"ProcedureStepDescription": "RAO_fMRI",
	"SoftwareVersions": "syngo_MR_B17",
	"MRAcquisitionType": "2D",
	"SeriesDescription": "DTI_64DIR_PAIN201312",
	"ProtocolName": "DTI_64DIR_PAIN201312",
	"ScanningSequence": "EP",
	"SequenceVariant": "SK_SP",
	"ScanOptions": "PFP_FS",
	"SequenceName": "_ep_b0",
	"ImageType": ["ORIGINAL", "PRIMARY", "DIFFUSION", "NONE", "ND", "NORM", "MOSAIC"],
	"SeriesNumber": 11,
	"AcquisitionTime": "09:24:16.002500",
	"AcquisitionNumber": 1,
	"SliceThickness": 2,
	"SpacingBetweenSlices": 2,
	"SAR": 0.377718,
	"EchoTime": 0.084,
	"RepetitionTime": 9.2,
	"FlipAngle": 90,
	"PartialFourier": 0.75,
	"BaseResolution": 128,
	"ShimSetting": [
		10602,
		-29600,
		-1924,
		1255,
		-220,
		558,
		36,
		-74	],
	"DiffusionScheme": "Monopolar",
	"TxRefAmp": 316.701,
	"PhaseResolution": 1,
	"ReceiveCoilName": "32Ch_Head",
	"CoilString": "C:HEA;HEP",
	"PulseSequenceDetails": "%SiemensSeq%_ep2d_diff",
	"RefLinesPE": 24,
	"PercentPhaseFOV": 100,
	"PercentSampling": 100,
	"PhaseEncodingSteps": 95,
	"AcquisitionMatrixPE": 128,
	"ReconMatrixPE": 128,
	"BandwidthPerPixelPhaseEncode": 22.645,
	"ParallelReductionFactorInPlane": 2,
	"EffectiveEchoSpacing": 0.000344999,
	"DerivedVendorReportedEchoSpacing": 0.000689998,
	"TotalReadoutTime": 0.0438149,
	"PixelBandwidth": 1698,
	"DwellTime": 2.3e-06,
	"PhaseEncodingDirection": "j-",
	"SliceTiming": [
		0,
		4.68,
		0.125,
		4.8025,
		0.2475,
		4.9275,
		0.37,
		5.05,
		0.4925,
		5.1725,
		0.6175,
		5.295,
		0.74,
		5.42,
		0.8625,
		5.5425,
		0.985,
		5.665,
		1.11,
		5.79,
		1.2325,
		5.9125,
		1.355,
		6.035,
		1.4775,
		6.1575,
		1.6025,
		6.2825,
		1.725,
		6.405,
		1.8475,
		6.5275,
		1.97,
		6.65,
		2.095,
		6.775,
		2.2175,
		6.8975,
		2.34,
		7.02,
		2.4625,
		7.1425,
		2.5875,
		7.2675,
		2.71,
		7.39,
		2.8325,
		7.5125,
		2.9575,
		7.635,
		3.08,
		7.76,
		3.2025,
		7.8825,
		3.325,
		8.005,
		3.45,
		8.1275,
		3.5725,
		8.2525,
		3.695,
		8.375,
		3.8175,
		8.4975,
		3.9425,
		8.6225,
		4.065,
		8.745,
		4.1875,
		8.8675,
		4.31,
		8.99,
		4.435,
		9.115,
		4.5575	],
	"ImageOrientationPatientDICOM": [
		0.995509,
		-0.0753238,
		-0.0573352,
		0.0696128,
		0.992962,
		-0.095813	],
	"InPlanePhaseEncodingDirectionDICOM": "COL",
	"ConversionSoftware": "dcm2niix",
	"ConversionSoftwareVersion": "v1.0.20200331"
}
