{
	"Modality": "MR",
	"MagneticFieldStrength": 3,
	"ImagingFrequency": 123.259674,
	"Manufacturer": "Siemens",
	"ManufacturersModelName": "TrioTim",
	"InstitutionName": "University of Maryland - Baltimore",
	"InstitutionalDepartmentName": "Department",
	"InstitutionAddress": "South Paca St 110,Baltimore,District,US,21201",
	"DeviceSerialNumber": "35035",
	"StationName": "MRC35035",
	"PatientPosition": "HFS",
	"ProcedureStepDescription": "RAO^fMRI",
	"SoftwareVersions": "syngo MR B17",
	"MRAcquisitionType": "3D",
	"SeriesDescription": "MPRAGE_PAIN201312",
	"ProtocolName": "MPRAGE_PAIN201312",
	"ScanningSequence": "GR\\IR",
	"SequenceVariant": "SP\\MP",
	"ScanOptions": "IR",
	"SequenceName": "*tfl3d1_ns",
	"ImageType": ["ORIGINAL", "PRIMARY", "M", "ND", "NORM"],
	"NonlinearGradientCorrection": false,
	"SeriesNumber": 2,
	"AcquisitionTime": "08:53:15.242500",
	"AcquisitionNumber": 1,
	"SliceThickness": 1,
	"SAR": 0.0980589,
	"EchoTime": 0.00298,
	"RepetitionTime": 2.3,
	"InversionTime": 0.9,
	"FlipAngle": 9,
	"PartialFourier": 1,
	"BaseResolution": 256,
	"ShimSetting": [
		10725,
		-29659,
		-1940,
		736,
		13,
		-126,
		-112,
		-89	],
	"TxRefAmp": 324.703,
	"PhaseResolution": 1,
	"ReceiveCoilName": "32Ch_Head",
	"CoilString": "C:HEA;HEP",
	"PulseSequenceDetails": "%SiemensSeq%\\tfl",
	"RefLinesPE": 24,
	"CoilCombinationMethod": "Adaptive Combine",
	"MatrixCoilMode": "GRAPPA",
	"PercentPhaseFOV": 93.75,
	"PercentSampling": 100,
	"PhaseEncodingSteps": 239,
	"AcquisitionMatrixPE": 240,
	"ReconMatrixPE": 240,
	"ParallelReductionFactorInPlane": 2,
	"PixelBandwidth": 238,
	"DwellTime": 8.2e-06,
	"ImageOrientationPatientDICOM": [
		0.0331701,
		0.99945,
		1.45446e-08,
		0.055786,
		-0.00185143,
		-0.998441	],
	"ImageOrientationText": "Sag>Tra(-3.2)>Cor(1.9)",
	"InPlanePhaseEncodingDirectionDICOM": "ROW",
	"ConversionSoftware": "dcm2niix",
	"ConversionSoftwareVersion": "v1.0.20230411"
}
