{
	"TaskName": "pain",
	"Modality": "MR",
	"MagneticFieldStrength": 3,
	"ImagingFrequency": 123.262177,
	"Manufacturer": "Siemens",
	"ManufacturersModelName": "Prisma_fit",
	"InstitutionName": "University of Maryland - Baltimore",
	"InstitutionalDepartmentName": "Department",
	"InstitutionAddress": "South Paca St 110,Baltimore,District,US,21201",
	"DeviceSerialNumber": "167023",
	"StationName": "MRC35035",
	"BodyPartExamined": "BRAIN",
	"PatientPosition": "HFS",
	"ProcedureStepDescription": "Seminowicz^MBSR",
	"SoftwareVersions": "syngo MR E11",
	"MRAcquisitionType": "2D",
	"SeriesDescription": "fmri_pain2",
	"ProtocolName": "fmri_pain2",
	"ScanningSequence": "EP",
	"SequenceVariant": "SK",
	"ScanOptions": "FS",
	"SequenceName": "*epfid2d1_76",
	"ImageType": ["ORIGINAL", "PRIMARY", "M", "ND", "NORM", "MOSAIC"],
	"NonlinearGradientCorrection": false,
	"SeriesNumber": 8,
	"AcquisitionTime": "16:39:35.072500",
	"AcquisitionNumber": 1,
	"SliceThickness": 3,
	"SpacingBetweenSlices": 3,
	"SAR": 0.0882451,
	"EchoTime": 0.03,
	"RepetitionTime": 2.5,
	"FlipAngle": 90,
	"PartialFourier": 1,
	"BaseResolution": 76,
	"ShimSetting": [
		3261,
		-11593,
		2446,
		537,
		-17,
		21,
		85,
		21	],
	"TxRefAmp": 218.827,
	"PhaseResolution": 1,
	"ReceiveCoilName": "HeadNeck_64",
	"ReceiveCoilActiveElements": "HC1-7",
	"PulseSequenceDetails": "%SiemensSeq%\\ep2d_bold",
	"RefLinesPE": 24,
	"CoilCombinationMethod": "Sum of Squares",
	"ConsistencyInfo": "N4_VE11C_LATEST_20160120",
	"MatrixCoilMode": "GRAPPA",
	"PercentPhaseFOV": 100,
	"PercentSampling": 100,
	"EchoTrainLength": 37,
	"PhaseEncodingSteps": 75,
	"AcquisitionMatrixPE": 76,
	"ReconMatrixPE": 76,
	"BandwidthPerPixelPhaseEncode": 44.603,
	"ParallelReductionFactorInPlane": 2,
	"EffectiveEchoSpacing": 0.000295,
	"DerivedVendorReportedEchoSpacing": 0.00059,
	"TotalReadoutTime": 0.022125,
	"PixelBandwidth": 2055,
	"DwellTime": 3.2e-06,
	"PhaseEncodingDirection": "j-",
	"SliceTiming": [
		1.24,
		0,
		1.295,
		0.055,
		1.3525,
		0.1125,
		1.41,
		0.17,
		1.465,
		0.225,
		1.5225,
		0.2825,
		1.5775,
		0.3375,
		1.635,
		0.395,
		1.69,
		0.45,
		1.7475,
		0.5075,
		1.8025,
		0.5625,
		1.86,
		0.62,
		1.915,
		0.675,
		1.9725,
		0.7325,
		2.0275,
		0.79,
		2.085,
		0.845,
		2.1425,
		0.9025,
		2.1975,
		0.9575,
		2.255,
		1.015,
		2.31,
		1.07,
		2.3675,
		1.1275,
		2.4225,
		1.1825	],
	"ImageOrientationPatientDICOM": [
		0.997182,
		-0.0750192,
		-0.000257792,
		0.0749785,
		0.996744,
		-0.0296651	],
	"ImageOrientationText": "Tra>Cor(-1.7)>Sag(-0.1)",
	"InPlanePhaseEncodingDirectionDICOM": "COL",
	"ConversionSoftware": "dcm2niix",
	"ConversionSoftwareVersion": "v1.0.20230411"
}
