{
	"TaskName": "rest",
	"Modality": "MR",
	"MagneticFieldStrength": 3,
	"ImagingFrequency": 123.262435,
	"Manufacturer": "Siemens",
	"ManufacturersModelName": "Prisma_fit",
	"InstitutionName": "University of Maryland",
	"InstitutionalDepartmentName": "Department",
	"InstitutionAddress": "South Paca St 110,Baltimore,District,US,21201",
	"DeviceSerialNumber": "167023",
	"StationName": "MRC35035",
	"BodyPartExamined": "BRAIN",
	"PatientPosition": "HFS",
	"ProcedureStepDescription": "Seminowicz^MBSR",
	"SoftwareVersions": "syngo MR E11",
	"MRAcquisitionType": "2D",
	"SeriesDescription": "RS_fMRI_PAIN201401",
	"ProtocolName": "RS_fMRI_PAIN201401",
	"ScanningSequence": "EP",
	"SequenceVariant": "SK",
	"ScanOptions": "FS",
	"SequenceName": "*epfid2d1_64",
	"ImageType": ["ORIGINAL", "PRIMARY", "M", "ND", "NORM", "MOSAIC"],
	"NonlinearGradientCorrection": false,
	"SeriesNumber": 3,
	"AcquisitionTime": "11:51:3.475000",
	"AcquisitionNumber": 1,
	"SliceThickness": 4,
	"SpacingBetweenSlices": 4.48,
	"SAR": 0.0888297,
	"EchoTime": 0.028,
	"RepetitionTime": 2.05,
	"FlipAngle": 77,
	"PartialFourier": 1,
	"BaseResolution": 64,
	"ShimSetting": [
		3263,
		-11590,
		2342,
		500,
		-37,
		-341,
		-4,
		-5	],
	"TxRefAmp": 221.29,
	"PhaseResolution": 1,
	"ReceiveCoilName": "HeadNeck_64",
	"ReceiveCoilActiveElements": "HC1-7;NC1",
	"PulseSequenceDetails": "%SiemensSeq%\\ep2d_bold",
	"RefLinesPE": 24,
	"CoilCombinationMethod": "Adaptive Combine",
	"ConsistencyInfo": "N4_VE11C_LATEST_20160120",
	"MatrixCoilMode": "GRAPPA",
	"PercentPhaseFOV": 100,
	"PercentSampling": 100,
	"EchoTrainLength": 31,
	"PhaseEncodingSteps": 63,
	"AcquisitionMatrixPE": 64,
	"ReconMatrixPE": 64,
	"BandwidthPerPixelPhaseEncode": 63.776,
	"ParallelReductionFactorInPlane": 2,
	"EffectiveEchoSpacing": 0.000244998,
	"DerivedVendorReportedEchoSpacing": 0.000489996,
	"TotalReadoutTime": 0.0154349,
	"PixelBandwidth": 3005,
	"DwellTime": 2.6e-06,
	"PhaseEncodingDirection": "j-",
	"SliceTiming": [
		0,
		0.05,
		0.1,
		0.1525,
		0.2025,
		0.2525,
		0.3025,
		0.355,
		0.405,
		0.455,
		0.5075,
		0.5575,
		0.6075,
		0.66,
		0.71,
		0.76,
		0.81,
		0.8625,
		0.9125,
		0.9625,
		1.015,
		1.065,
		1.115,
		1.165,
		1.2175,
		1.2675,
		1.3175,
		1.37,
		1.42,
		1.47,
		1.5225,
		1.5725,
		1.6225,
		1.6725,
		1.725,
		1.775,
		1.825,
		1.8775,
		1.9275,
		1.9775	],
	"ImageOrientationPatientDICOM": [
		0.995746,
		0.0857926,
		0.0336173,
		-0.0766185,
		0.973571,
		-0.215148	],
	"ImageOrientationText": "Tra>Cor(-12.2)>Sag(2.9)",
	"InPlanePhaseEncodingDirectionDICOM": "COL",
	"ConversionSoftware": "dcm2niix",
	"ConversionSoftwareVersion": "v1.0.20230411"
}
