{
	"Modality": "MR",
	"MagneticFieldStrength": 3,
	"ImagingFrequency": 123.26,
	"Manufacturer": "Siemens",
	"ManufacturersModelName": "TrioTim",
	"InstitutionName": "University_of_Maryland_-_Baltimore",
	"InstitutionalDepartmentName": "Department",
	"InstitutionAddress": "South_Paca_St_110_Baltimore_District_US_21201",
	"DeviceSerialNumber": "35035",
	"StationName": "MRC35035",
	"PatientPosition": "HFS",
	"ProcedureStepDescription": "RAO_fMRI",
	"SoftwareVersions": "syngo_MR_B17",
	"MRAcquisitionType": "2D",
	"SeriesDescription": "DTI_64DIR_PAIN201312",
	"ProtocolName": "DTI_64DIR_PAIN201312",
	"ScanningSequence": "EP",
	"SequenceVariant": "SK_SP",
	"ScanOptions": "PFP_FS",
	"SequenceName": "_ep_b0",
	"ImageType": ["ORIGINAL", "PRIMARY", "DIFFUSION", "NONE", "ND", "NORM", "MOSAIC"],
	"SeriesNumber": 11,
	"AcquisitionTime": "14:20:54.082500",
	"AcquisitionNumber": 1,
	"SliceThickness": 2,
	"SpacingBetweenSlices": 2,
	"SAR": 0.479123,
	"EchoTime": 0.084,
	"RepetitionTime": 9.2,
	"FlipAngle": 90,
	"PartialFourier": 0.75,
	"BaseResolution": 128,
	"ShimSetting": [
		10687,
		-29459,
		-2004,
		887,
		53,
		639,
		-302,
		7	],
	"DiffusionScheme": "Monopolar",
	"TxRefAmp": 391.981,
	"PhaseResolution": 1,
	"ReceiveCoilName": "32Ch_Head",
	"CoilString": "C:HEA;HEP",
	"PulseSequenceDetails": "%SiemensSeq%_ep2d_diff",
	"RefLinesPE": 24,
	"PercentPhaseFOV": 100,
	"PercentSampling": 100,
	"PhaseEncodingSteps": 95,
	"AcquisitionMatrixPE": 128,
	"ReconMatrixPE": 128,
	"BandwidthPerPixelPhaseEncode": 22.645,
	"ParallelReductionFactorInPlane": 2,
	"EffectiveEchoSpacing": 0.000344999,
	"DerivedVendorReportedEchoSpacing": 0.000689998,
	"TotalReadoutTime": 0.0438149,
	"PixelBandwidth": 1698,
	"DwellTime": 2.3e-06,
	"PhaseEncodingDirection": "j-",
	"SliceTiming": [
		0,
		4.68,
		0.1225,
		4.8025,
		0.245,
		4.925,
		0.3675,
		5.0475,
		0.4925,
		5.1725,
		0.615,
		5.295,
		0.7375,
		5.4175,
		0.86,
		5.54,
		0.985,
		5.665,
		1.1075,
		5.7875,
		1.23,
		5.91,
		1.3525,
		6.0325,
		1.4775,
		6.1575,
		1.6,
		6.28,
		1.7225,
		6.4025,
		1.8475,
		6.525,
		1.97,
		6.65,
		2.0925,
		6.7725,
		2.215,
		6.895,
		2.34,
		7.0175,
		2.4625,
		7.1425,
		2.585,
		7.265,
		2.7075,
		7.3875,
		2.8325,
		7.5125,
		2.955,
		7.635,
		3.0775,
		7.7575,
		3.2,
		7.88,
		3.325,
		8.005,
		3.4475,
		8.1275,
		3.57,
		8.25,
		3.6925,
		8.3725,
		3.8175,
		8.4975,
		3.94,
		8.62,
		4.0625,
		8.7425,
		4.185,
		8.865,
		4.31,
		8.99,
		4.4325,
		9.1125,
		4.555	],
	"ImageOrientationPatientDICOM": [
		0.999749,
		0.00896729,
		0.0205133,
		-4.7978e-08,
		0.916278,
		-0.400543	],
	"InPlanePhaseEncodingDirectionDICOM": "COL",
	"ConversionSoftware": "dcm2niix",
	"ConversionSoftwareVersion": "v1.0.20200331"
}
