{
	"TaskName": "msit",
	"Modality": "MR",
	"MagneticFieldStrength": 3,
	"ImagingFrequency": 123.260052,
	"Manufacturer": "Siemens",
	"ManufacturersModelName": "TrioTim",
	"InstitutionName": "University of Maryland - Baltimore",
	"InstitutionalDepartmentName": "Department",
	"InstitutionAddress": "South Paca St 110,Baltimore,District,US,21201",
	"DeviceSerialNumber": "35035",
	"StationName": "MRC35035",
	"PatientPosition": "HFS",
	"ProcedureStepDescription": "RAO^fMRI",
	"SoftwareVersions": "syngo MR B17",
	"MRAcquisitionType": "2D",
	"SeriesDescription": "fmri_pain_MSIT_2",
	"ProtocolName": "fmri_pain_MSIT_2",
	"ScanningSequence": "EP",
	"SequenceVariant": "SK",
	"ScanOptions": "FS",
	"SequenceName": "*epfid2d1_76",
	"ImageType": ["ORIGINAL", "PRIMARY", "M", "ND", "NORM", "MOSAIC"],
	"NonlinearGradientCorrection": false,
	"SeriesNumber": 7,
	"AcquisitionTime": "16:05:5.822500",
	"AcquisitionNumber": 1,
	"SliceThickness": 3,
	"SpacingBetweenSlices": 3,
	"SAR": 0.184314,
	"EchoTime": 0.03,
	"RepetitionTime": 2.5,
	"FlipAngle": 90,
	"PartialFourier": 1,
	"BaseResolution": 76,
	"ShimSetting": [
		10653,
		-29684,
		-1921,
		767,
		-51,
		-391,
		200,
		55	],
	"TxRefAmp": 323.592,
	"PhaseResolution": 1,
	"ReceiveCoilName": "32Ch_Head",
	"CoilString": "C:HEA;HEP",
	"PulseSequenceDetails": "%SiemensSeq%\\ep2d_bold",
	"RefLinesPE": 24,
	"CoilCombinationMethod": "Sum of Squares",
	"MatrixCoilMode": "GRAPPA",
	"PercentPhaseFOV": 100,
	"PercentSampling": 100,
	"PhaseEncodingSteps": 75,
	"AcquisitionMatrixPE": 76,
	"ReconMatrixPE": 76,
	"BandwidthPerPixelPhaseEncode": 44.603,
	"ParallelReductionFactorInPlane": 2,
	"EffectiveEchoSpacing": 0.000295,
	"DerivedVendorReportedEchoSpacing": 0.00059,
	"TotalReadoutTime": 0.022125,
	"PixelBandwidth": 2056,
	"DwellTime": 3.2e-06,
	"PhaseEncodingDirection": "j-",
	"SliceTiming": [
		1.255,
		0,
		1.3125,
		0.0575,
		1.37,
		0.115,
		1.4275,
		0.1725,
		1.485,
		0.23,
		1.5425,
		0.2875,
		1.5975,
		0.3425,
		1.655,
		0.4,
		1.7125,
		0.4575,
		1.77,
		0.515,
		1.8275,
		0.5725,
		1.8825,
		0.6275,
		1.94,
		0.685,
		1.9975,
		0.7425,
		2.055,
		0.8,
		2.1125,
		0.8575,
		2.1675,
		0.915,
		2.225,
		0.97,
		2.2825,
		1.0275,
		2.34,
		1.085,
		2.3975,
		1.1425,
		2.455,
		1.2	],
	"ImageOrientationPatientDICOM": [
		0.9999,
		0.0136573,
		-0.00363399,
		-0.0139621,
		0.994437,
		-0.104407	],
	"ImageOrientationText": "Tra>Cor(-6.0)>Sag(-0.1)",
	"InPlanePhaseEncodingDirectionDICOM": "COL",
	"ConversionSoftware": "dcm2niix",
	"ConversionSoftwareVersion": "v1.0.20230411"
}
