{
	"TaskName": "msit",
	"Modality": "MR",
	"MagneticFieldStrength": 3,
	"ImagingFrequency": 123.260217,
	"Manufacturer": "Siemens",
	"ManufacturersModelName": "Prisma_fit",
	"InstitutionName": "University of Maryland - Baltimore",
	"InstitutionalDepartmentName": "Department",
	"InstitutionAddress": "South Paca St 110,Baltimore,District,US,21201",
	"DeviceSerialNumber": "167023",
	"StationName": "MRC35035",
	"BodyPartExamined": "BRAIN",
	"PatientPosition": "HFS",
	"ProcedureStepDescription": "Seminowicz^MBSR",
	"SoftwareVersions": "syngo MR E11",
	"MRAcquisitionType": "2D",
	"SeriesDescription": "fmri_pain_MSIT_2",
	"ProtocolName": "fmri_pain_MSIT_2",
	"ScanningSequence": "EP",
	"SequenceVariant": "SK",
	"ScanOptions": "FS",
	"SequenceName": "*epfid2d1_76",
	"ImageType": ["ORIGINAL", "PRIMARY", "M", "ND", "NORM", "MOSAIC"],
	"NonlinearGradientCorrection": false,
	"SeriesNumber": 8,
	"AcquisitionTime": "16:03:31.532500",
	"AcquisitionNumber": 1,
	"SliceThickness": 3,
	"SpacingBetweenSlices": 3,
	"SAR": 0.102222,
	"EchoTime": 0.03,
	"RepetitionTime": 2.5,
	"FlipAngle": 90,
	"PartialFourier": 1,
	"BaseResolution": 76,
	"ShimSetting": [
		3263,
		-11582,
		2397,
		449,
		-38,
		-98,
		111,
		-14	],
	"TxRefAmp": 263.173,
	"PhaseResolution": 1,
	"ReceiveCoilName": "HeadNeck_64",
	"ReceiveCoilActiveElements": "HC1-6",
	"PulseSequenceDetails": "%SiemensSeq%\\ep2d_bold",
	"RefLinesPE": 24,
	"CoilCombinationMethod": "Sum of Squares",
	"ConsistencyInfo": "N4_VE11C_LATEST_20160120",
	"MatrixCoilMode": "GRAPPA",
	"PercentPhaseFOV": 100,
	"PercentSampling": 100,
	"EchoTrainLength": 37,
	"PhaseEncodingSteps": 75,
	"AcquisitionMatrixPE": 76,
	"ReconMatrixPE": 76,
	"BandwidthPerPixelPhaseEncode": 44.603,
	"ParallelReductionFactorInPlane": 2,
	"EffectiveEchoSpacing": 0.000295,
	"DerivedVendorReportedEchoSpacing": 0.00059,
	"TotalReadoutTime": 0.022125,
	"PixelBandwidth": 2055,
	"DwellTime": 3.2e-06,
	"PhaseEncodingDirection": "j-",
	"SliceTiming": [
		1.24,
		0,
		1.295,
		0.055,
		1.3525,
		0.1125,
		1.4075,
		0.1675,
		1.465,
		0.225,
		1.52,
		0.28,
		1.5775,
		0.3375,
		1.6325,
		0.3925,
		1.69,
		0.45,
		1.745,
		0.505,
		1.8025,
		0.5625,
		1.8575,
		0.62,
		1.915,
		0.675,
		1.9725,
		0.7325,
		2.0275,
		0.7875,
		2.085,
		0.845,
		2.14,
		0.9,
		2.1975,
		0.9575,
		2.2525,
		1.0125,
		2.31,
		1.07,
		2.365,
		1.125,
		2.4225,
		1.1825	],
	"ImageOrientationPatientDICOM": [
		0.993749,
		0.111391,
		0.0073825,
		-0.111467,
		0.993708,
		0.0108907	],
	"ImageOrientationText": "Tra>Cor(0.7)>Sag(0.4)",
	"InPlanePhaseEncodingDirectionDICOM": "COL",
	"ConversionSoftware": "dcm2niix",
	"ConversionSoftwareVersion": "v1.0.20230411"
}
