{
	"TaskName": "pain",
	"Modality": "MR",
	"MagneticFieldStrength": 3,
	"ImagingFrequency": 123.260232,
	"Manufacturer": "Siemens",
	"ManufacturersModelName": "TrioTim",
	"InstitutionName": "University of Maryland - Baltimore",
	"InstitutionalDepartmentName": "Department",
	"InstitutionAddress": "South Paca St 110,Baltimore,District,US,21201",
	"DeviceSerialNumber": "35035",
	"StationName": "MRC35035",
	"PatientPosition": "HFS",
	"ProcedureStepDescription": "RAO^fMRI",
	"SoftwareVersions": "syngo MR B17",
	"MRAcquisitionType": "2D",
	"SeriesDescription": "fmri_pain1",
	"ProtocolName": "fmri_pain1",
	"ScanningSequence": "EP",
	"SequenceVariant": "SK",
	"ScanOptions": "FS",
	"SequenceName": "*epfid2d1_76",
	"ImageType": ["ORIGINAL", "PRIMARY", "M", "ND", "NORM", "MOSAIC"],
	"NonlinearGradientCorrection": false,
	"SeriesNumber": 6,
	"AcquisitionTime": "11:15:0.427500",
	"AcquisitionNumber": 1,
	"SliceThickness": 3,
	"SpacingBetweenSlices": 3,
	"SAR": 0.180962,
	"EchoTime": 0.03,
	"RepetitionTime": 2.5,
	"FlipAngle": 90,
	"PartialFourier": 1,
	"BaseResolution": 76,
	"ShimSetting": [
		10734,
		-29651,
		-1996,
		615,
		-20,
		275,
		-61,
		25	],
	"TxRefAmp": 376.715,
	"PhaseResolution": 1,
	"ReceiveCoilName": "32Ch_Head",
	"CoilString": "C:HEA;HEP",
	"PulseSequenceDetails": "%SiemensSeq%\\ep2d_bold",
	"RefLinesPE": 24,
	"CoilCombinationMethod": "Sum of Squares",
	"MatrixCoilMode": "GRAPPA",
	"PercentPhaseFOV": 100,
	"PercentSampling": 100,
	"PhaseEncodingSteps": 75,
	"AcquisitionMatrixPE": 76,
	"ReconMatrixPE": 76,
	"BandwidthPerPixelPhaseEncode": 44.603,
	"ParallelReductionFactorInPlane": 2,
	"EffectiveEchoSpacing": 0.000295,
	"DerivedVendorReportedEchoSpacing": 0.00059,
	"TotalReadoutTime": 0.022125,
	"PixelBandwidth": 2056,
	"DwellTime": 3.2e-06,
	"PhaseEncodingDirection": "j-",
	"SliceTiming": [
		1.255,
		0,
		1.3125,
		0.0575,
		1.37,
		0.115,
		1.4275,
		0.1725,
		1.485,
		0.23,
		1.54,
		0.285,
		1.5975,
		0.3425,
		1.655,
		0.4,
		1.7125,
		0.4575,
		1.77,
		0.515,
		1.825,
		0.5725,
		1.8825,
		0.6275,
		1.94,
		0.685,
		1.9975,
		0.7425,
		2.055,
		0.8,
		2.1125,
		0.8575,
		2.1675,
		0.9125,
		2.225,
		0.97,
		2.2825,
		1.0275,
		2.34,
		1.085,
		2.3975,
		1.1425,
		2.4525,
		1.1975	],
	"ImageOrientationPatientDICOM": [
		0.99351,
		-0.0531246,
		0.100574,
		0.0747025,
		0.971548,
		-0.224755	],
	"ImageOrientationText": "Tra>Cor(-13.4)>Sag(4.9)",
	"InPlanePhaseEncodingDirectionDICOM": "COL",
	"ConversionSoftware": "dcm2niix",
	"ConversionSoftwareVersion": "v1.0.20230411"
}
