{
	"Modality": "MR",
	"MagneticFieldStrength": 3,
	"ImagingFrequency": 123.262,
	"Manufacturer": "Siemens",
	"ManufacturersModelName": "Prisma_fit",
	"InstitutionName": "University_of_Maryland_-_Baltimore",
	"InstitutionalDepartmentName": "Department",
	"InstitutionAddress": "South_Paca_St_110_Baltimore_District_US_21201",
	"DeviceSerialNumber": "167023",
	"StationName": "MRC35035",
	"BodyPartExamined": "BRAIN",
	"PatientPosition": "HFS",
	"ProcedureStepDescription": "Seminowicz_MBSR",
	"SoftwareVersions": "syngo_MR_E11",
	"MRAcquisitionType": "2D",
	"SeriesDescription": "DTI_64DIR_PAIN201312_orig",
	"ProtocolName": "DTI_64DIR_PAIN201312_orig",
	"ScanningSequence": "EP",
	"SequenceVariant": "SK_SP",
	"ScanOptions": "PFP_FS",
	"SequenceName": "_ep_b0",
	"ImageType": ["ORIGINAL", "PRIMARY", "DIFFUSION", "NONE", "ND", "NORM", "MOSAIC"],
	"SeriesNumber": 11,
	"AcquisitionTime": "10:19:56.160000",
	"AcquisitionNumber": 1,
	"SliceThickness": 2,
	"SpacingBetweenSlices": 2,
	"SAR": 0.290663,
	"EchoTime": 0.084,
	"RepetitionTime": 9.2,
	"FlipAngle": 90,
	"PartialFourier": 0.75,
	"BaseResolution": 128,
	"ShimSetting": [
		3316,
		-11528,
		2305,
		320,
		313,
		-502,
		-117,
		-15	],
	"DiffusionScheme": "Bipolar",
	"TxRefAmp": 251.887,
	"PhaseResolution": 1,
	"ReceiveCoilName": "HeadNeck_64",
	"ReceiveCoilActiveElements": "HC1-7;NC1",
	"PulseSequenceDetails": "%SiemensSeq%_ep2d_diff",
	"RefLinesPE": 24,
	"ConsistencyInfo": "N4_VE11C_LATEST_20160120",
	"PercentPhaseFOV": 100,
	"PercentSampling": 100,
	"EchoTrainLength": 47,
	"PhaseEncodingSteps": 95,
	"AcquisitionMatrixPE": 128,
	"ReconMatrixPE": 128,
	"BandwidthPerPixelPhaseEncode": 23.321,
	"ParallelReductionFactorInPlane": 2,
	"EffectiveEchoSpacing": 0.000334999,
	"DerivedVendorReportedEchoSpacing": 0.000669997,
	"TotalReadoutTime": 0.0425448,
	"PixelBandwidth": 1700,
	"DwellTime": 2.3e-06,
	"PhaseEncodingDirection": "j-",
	"SliceTiming": [
		0,
		4.65,
		0.1225,
		4.7725,
		0.245,
		4.895,
		0.3675,
		5.0175,
		0.49,
		5.14,
		0.6125,
		5.2625,
		0.735,
		5.385,
		0.8575,
		5.5075,
		0.98,
		5.63,
		1.1025,
		5.7525,
		1.225,
		5.875,
		1.3475,
		5.9975,
		1.47,
		6.12,
		1.5925,
		6.2425,
		1.7125,
		6.365,
		1.835,
		6.4875,
		1.9575,
		6.61,
		2.08,
		6.7325,
		2.2025,
		6.855,
		2.325,
		6.9775,
		2.4475,
		7.1,
		2.57,
		7.22,
		2.6925,
		7.3425,
		2.815,
		7.465,
		2.9375,
		7.5875,
		3.06,
		7.71,
		3.1825,
		7.8325,
		3.305,
		7.955,
		3.4275,
		8.0775,
		3.55,
		8.2,
		3.6725,
		8.3225,
		3.795,
		8.445,
		3.9175,
		8.5675,
		4.04,
		8.69,
		4.1625,
		8.8125,
		4.285,
		8.935,
		4.4075,
		9.0575,
		4.5275	],
	"ImageOrientationPatientDICOM": [
		0.99622,
		-0.0860257,
		-0.0120337,
		0.0749061,
		0.920946,
		-0.382424	],
	"InPlanePhaseEncodingDirectionDICOM": "COL",
	"ConversionSoftware": "dcm2niix",
	"ConversionSoftwareVersion": "v1.0.20200331"
}
