{
	"Modality": "MR",
	"MagneticFieldStrength": 3,
	"ImagingFrequency": 123.262,
	"Manufacturer": "Siemens",
	"ManufacturersModelName": "Prisma_fit",
	"InstitutionName": "University_of_Maryland_-_Baltimore",
	"InstitutionalDepartmentName": "Department",
	"InstitutionAddress": "South_Paca_St_110_Baltimore_District_US_21201",
	"DeviceSerialNumber": "167023",
	"StationName": "MRC35035",
	"BodyPartExamined": "BRAIN",
	"PatientPosition": "HFS",
	"ProcedureStepDescription": "Seminowicz_MBSR",
	"SoftwareVersions": "syngo_MR_E11",
	"MRAcquisitionType": "2D",
	"SeriesDescription": "DTI_64DIR_PAIN201312_orig",
	"ProtocolName": "DTI_64DIR_PAIN201312_orig",
	"ScanningSequence": "EP",
	"SequenceVariant": "SK_SP",
	"ScanOptions": "PFP_FS",
	"SequenceName": "_ep_b0",
	"ImageType": ["ORIGINAL", "PRIMARY", "DIFFUSION", "NONE", "ND", "NORM", "MOSAIC"],
	"SeriesNumber": 11,
	"AcquisitionTime": "18:21:26.740000",
	"AcquisitionNumber": 1,
	"SliceThickness": 2,
	"SpacingBetweenSlices": 2,
	"SAR": 0.198936,
	"EchoTime": 0.084,
	"RepetitionTime": 9.2,
	"FlipAngle": 90,
	"PartialFourier": 0.75,
	"BaseResolution": 128,
	"ShimSetting": [
		3262,
		-11576,
		2369,
		409,
		9,
		-125,
		-44,
		-5	],
	"DiffusionScheme": "Bipolar",
	"TxRefAmp": 212.395,
	"PhaseResolution": 1,
	"ReceiveCoilName": "HeadNeck_64",
	"ReceiveCoilActiveElements": "HC1-7",
	"PulseSequenceDetails": "%SiemensSeq%_ep2d_diff",
	"RefLinesPE": 24,
	"ConsistencyInfo": "N4_VE11C_LATEST_20160120",
	"PercentPhaseFOV": 100,
	"PercentSampling": 100,
	"EchoTrainLength": 47,
	"PhaseEncodingSteps": 95,
	"AcquisitionMatrixPE": 128,
	"ReconMatrixPE": 128,
	"BandwidthPerPixelPhaseEncode": 23.321,
	"ParallelReductionFactorInPlane": 2,
	"EffectiveEchoSpacing": 0.000334999,
	"DerivedVendorReportedEchoSpacing": 0.000669997,
	"TotalReadoutTime": 0.0425448,
	"PixelBandwidth": 1700,
	"DwellTime": 2.3e-06,
	"PhaseEncodingDirection": "j-",
	"SliceTiming": [
		0,
		4.6525,
		0.1225,
		4.775,
		0.245,
		4.8975,
		0.3675,
		5.02,
		0.49,
		5.1425,
		0.6125,
		5.265,
		0.735,
		5.3875,
		0.8575,
		5.51,
		0.98,
		5.63,
		1.1025,
		5.7525,
		1.225,
		5.875,
		1.3475,
		5.9975,
		1.47,
		6.12,
		1.5925,
		6.2425,
		1.715,
		6.365,
		1.8375,
		6.4875,
		1.96,
		6.61,
		2.0825,
		6.7325,
		2.205,
		6.855,
		2.3275,
		6.9775,
		2.45,
		7.1,
		2.5725,
		7.2225,
		2.695,
		7.345,
		2.815,
		7.4675,
		2.9375,
		7.59,
		3.06,
		7.7125,
		3.1825,
		7.835,
		3.305,
		7.9575,
		3.4275,
		8.08,
		3.55,
		8.2025,
		3.6725,
		8.3225,
		3.795,
		8.445,
		3.9175,
		8.5675,
		4.04,
		8.69,
		4.1625,
		8.8125,
		4.285,
		8.935,
		4.4075,
		9.0575,
		4.53	],
	"ImageOrientationPatientDICOM": [
		0.998252,
		0.0560643,
		-0.0186955,
		-0.0575589,
		0.994059,
		-0.092382	],
	"InPlanePhaseEncodingDirectionDICOM": "COL",
	"ConversionSoftware": "dcm2niix",
	"ConversionSoftwareVersion": "v1.0.20200331"
}
