{
	"TaskName": "rest",
	"Modality": "MR",
	"MagneticFieldStrength": 3,
	"ImagingFrequency": 123.259978,
	"Manufacturer": "Siemens",
	"ManufacturersModelName": "TrioTim",
	"InstitutionName": "University of Maryland - Baltimore",
	"InstitutionalDepartmentName": "Department",
	"InstitutionAddress": "South Paca St 110,Baltimore,District,US,21201",
	"DeviceSerialNumber": "35035",
	"StationName": "MRC35035",
	"PatientPosition": "HFS",
	"ProcedureStepDescription": "RAO^fMRI",
	"SoftwareVersions": "syngo MR B17",
	"MRAcquisitionType": "2D",
	"SeriesDescription": "RS_fMRI_PAIN201401",
	"ProtocolName": "RS_fMRI_PAIN201401",
	"ScanningSequence": "EP",
	"SequenceVariant": "SK",
	"ScanOptions": "FS",
	"SequenceName": "*epfid2d1_64",
	"ImageType": ["ORIGINAL", "PRIMARY", "M", "ND", "NORM", "MOSAIC"],
	"NonlinearGradientCorrection": false,
	"SeriesNumber": 3,
	"AcquisitionTime": "09:27:15.190000",
	"AcquisitionNumber": 1,
	"SliceThickness": 4,
	"SpacingBetweenSlices": 4.48,
	"SAR": 0.144341,
	"EchoTime": 0.028,
	"RepetitionTime": 2,
	"FlipAngle": 77,
	"PartialFourier": 1,
	"BaseResolution": 64,
	"ShimSetting": [
		10669,
		-29491,
		-1904,
		816,
		-1,
		375,
		392,
		-39	],
	"TxRefAmp": 430.474,
	"PhaseResolution": 1,
	"ReceiveCoilName": "32Ch_Head",
	"CoilString": "C:HEA;HEP",
	"PulseSequenceDetails": "%SiemensSeq%\\ep2d_bold",
	"RefLinesPE": 24,
	"CoilCombinationMethod": "Adaptive Combine",
	"MatrixCoilMode": "GRAPPA",
	"PercentPhaseFOV": 100,
	"PercentSampling": 100,
	"PhaseEncodingSteps": 63,
	"AcquisitionMatrixPE": 64,
	"ReconMatrixPE": 64,
	"BandwidthPerPixelPhaseEncode": 71.023,
	"ParallelReductionFactorInPlane": 2,
	"EffectiveEchoSpacing": 0.000219999,
	"DerivedVendorReportedEchoSpacing": 0.000439998,
	"TotalReadoutTime": 0.0138599,
	"PixelBandwidth": 3005,
	"DwellTime": 2.6e-06,
	"PhaseEncodingDirection": "j-",
	"SliceTiming": [
		0,
		0.05,
		0.1,
		0.15,
		0.2,
		0.25,
		0.3,
		0.35,
		0.4,
		0.4525,
		0.5025,
		0.5525,
		0.6025,
		0.6525,
		0.7025,
		0.7525,
		0.8025,
		0.8525,
		0.9025,
		0.9525,
		1.0025,
		1.0525,
		1.105,
		1.155,
		1.205,
		1.255,
		1.305,
		1.355,
		1.405,
		1.455,
		1.505,
		1.555,
		1.605,
		1.655,
		1.705,
		1.7575,
		1.8075,
		1.8575,
		1.9075,
		1.9575	],
	"ImageOrientationPatientDICOM": [
		0.999472,
		0.0210731,
		0.0247377,
		-0.0139561,
		0.965811,
		-0.258872	],
	"ImageOrientationText": "Tra>Cor(-15.0)>Sag(1.7)",
	"InPlanePhaseEncodingDirectionDICOM": "COL",
	"ConversionSoftware": "dcm2niix",
	"ConversionSoftwareVersion": "v1.0.20230411"
}
