{
	"Modality": "MR",
	"MagneticFieldStrength": 3,
	"ImagingFrequency": 123.262,
	"Manufacturer": "Siemens",
	"ManufacturersModelName": "Prisma_fit",
	"InstitutionName": "University_of_Maryland_-_Baltimore",
	"InstitutionalDepartmentName": "Department",
	"InstitutionAddress": "South_Paca_St_110_Baltimore_District_US_21201",
	"DeviceSerialNumber": "167023",
	"StationName": "MRC35035",
	"BodyPartExamined": "BRAIN",
	"PatientPosition": "HFS",
	"ProcedureStepDescription": "Seminowicz_MBSR",
	"SoftwareVersions": "syngo_MR_E11",
	"MRAcquisitionType": "2D",
	"SeriesDescription": "DTI_64DIR_PAIN201312_orig",
	"ProtocolName": "DTI_64DIR_PAIN201312_orig",
	"ScanningSequence": "EP",
	"SequenceVariant": "SK_SP",
	"ScanOptions": "PFP_FS",
	"SequenceName": "_ep_b0",
	"ImageType": ["ORIGINAL", "PRIMARY", "DIFFUSION", "NONE", "ND", "NORM", "MOSAIC"],
	"SeriesNumber": 11,
	"AcquisitionTime": "12:42:44.035000",
	"AcquisitionNumber": 1,
	"SliceThickness": 2,
	"SpacingBetweenSlices": 2,
	"SAR": 0.272388,
	"EchoTime": 0.084,
	"RepetitionTime": 9.2,
	"FlipAngle": 90,
	"PartialFourier": 0.75,
	"BaseResolution": 128,
	"ShimSetting": [
		3274,
		-11577,
		2445,
		423,
		-116,
		-151,
		120,
		-57	],
	"DiffusionScheme": "Bipolar",
	"TxRefAmp": 263.467,
	"PhaseResolution": 1,
	"ReceiveCoilName": "HeadNeck_64",
	"ReceiveCoilActiveElements": "HC1-7;NC1",
	"PulseSequenceDetails": "%SiemensSeq%_ep2d_diff",
	"RefLinesPE": 24,
	"ConsistencyInfo": "N4_VE11C_LATEST_20160120",
	"PercentPhaseFOV": 100,
	"PercentSampling": 100,
	"EchoTrainLength": 47,
	"PhaseEncodingSteps": 95,
	"AcquisitionMatrixPE": 128,
	"ReconMatrixPE": 128,
	"BandwidthPerPixelPhaseEncode": 23.321,
	"ParallelReductionFactorInPlane": 2,
	"EffectiveEchoSpacing": 0.000334999,
	"DerivedVendorReportedEchoSpacing": 0.000669997,
	"TotalReadoutTime": 0.0425448,
	"PixelBandwidth": 1700,
	"DwellTime": 2.3e-06,
	"PhaseEncodingDirection": "j-",
	"SliceTiming": [
		0,
		4.65,
		0.1225,
		4.7725,
		0.245,
		4.895,
		0.3675,
		5.0175,
		0.49,
		5.14,
		0.61,
		5.2625,
		0.7325,
		5.385,
		0.855,
		5.5075,
		0.9775,
		5.63,
		1.1,
		5.7525,
		1.2225,
		5.875,
		1.345,
		5.9975,
		1.4675,
		6.1175,
		1.59,
		6.24,
		1.7125,
		6.3625,
		1.835,
		6.485,
		1.9575,
		6.6075,
		2.08,
		6.73,
		2.2025,
		6.8525,
		2.325,
		6.975,
		2.4475,
		7.0975,
		2.57,
		7.22,
		2.6925,
		7.3425,
		2.815,
		7.465,
		2.9375,
		7.5875,
		3.06,
		7.71,
		3.1825,
		7.8325,
		3.3025,
		7.955,
		3.425,
		8.0775,
		3.5475,
		8.2,
		3.67,
		8.3225,
		3.7925,
		8.445,
		3.915,
		8.5675,
		4.0375,
		8.69,
		4.16,
		8.8125,
		4.2825,
		8.9325,
		4.405,
		9.055,
		4.5275	],
	"ImageOrientationPatientDICOM": [
		0.999534,
		-0.0281434,
		0.0118132,
		0.0296655,
		0.986819,
		-0.159084	],
	"InPlanePhaseEncodingDirectionDICOM": "COL",
	"ConversionSoftware": "dcm2niix",
	"ConversionSoftwareVersion": "v1.0.20200331"
}
