{
	"TaskName": "pain",
	"Modality": "MR",
	"MagneticFieldStrength": 3,
	"ImagingFrequency": 123.262157,
	"Manufacturer": "Siemens",
	"ManufacturersModelName": "Prisma_fit",
	"InstitutionName": "University of Maryland - Baltimore",
	"InstitutionalDepartmentName": "Department",
	"InstitutionAddress": "South Paca St 110,Baltimore,District,US,21201",
	"DeviceSerialNumber": "167023",
	"StationName": "MRC35035",
	"BodyPartExamined": "BRAIN",
	"PatientPosition": "HFS",
	"ProcedureStepDescription": "Seminowicz^MBSR",
	"SoftwareVersions": "syngo MR E11",
	"MRAcquisitionType": "2D",
	"SeriesDescription": "fmri_pain1",
	"ProtocolName": "fmri_pain1",
	"ScanningSequence": "EP",
	"SequenceVariant": "SK",
	"ScanOptions": "FS",
	"SequenceName": "*epfid2d1_76",
	"ImageType": ["ORIGINAL", "PRIMARY", "M", "ND", "NORM", "MOSAIC"],
	"NonlinearGradientCorrection": false,
	"SeriesNumber": 6,
	"AcquisitionTime": "10:44:12.442500",
	"AcquisitionNumber": 1,
	"SliceThickness": 3,
	"SpacingBetweenSlices": 3,
	"SAR": 0.0842474,
	"EchoTime": 0.03,
	"RepetitionTime": 2.5,
	"FlipAngle": 90,
	"PartialFourier": 1,
	"BaseResolution": 76,
	"ShimSetting": [
		3260,
		-11583,
		2395,
		375,
		-97,
		-250,
		-49,
		-31	],
	"TxRefAmp": 229.689,
	"PhaseResolution": 1,
	"ReceiveCoilName": "HeadNeck_64",
	"ReceiveCoilActiveElements": "HC1-7",
	"PulseSequenceDetails": "%SiemensSeq%\\ep2d_bold",
	"RefLinesPE": 24,
	"CoilCombinationMethod": "Sum of Squares",
	"ConsistencyInfo": "N4_VE11C_LATEST_20160120",
	"MatrixCoilMode": "GRAPPA",
	"PercentPhaseFOV": 100,
	"PercentSampling": 100,
	"EchoTrainLength": 37,
	"PhaseEncodingSteps": 75,
	"AcquisitionMatrixPE": 76,
	"ReconMatrixPE": 76,
	"BandwidthPerPixelPhaseEncode": 44.603,
	"ParallelReductionFactorInPlane": 2,
	"EffectiveEchoSpacing": 0.000295,
	"DerivedVendorReportedEchoSpacing": 0.00059,
	"TotalReadoutTime": 0.022125,
	"PixelBandwidth": 2055,
	"DwellTime": 3.2e-06,
	"PhaseEncodingDirection": "j-",
	"SliceTiming": [
		1.24,
		0,
		1.2975,
		0.0575,
		1.3525,
		0.1125,
		1.41,
		0.17,
		1.465,
		0.225,
		1.5225,
		0.2825,
		1.5775,
		0.3375,
		1.635,
		0.395,
		1.6925,
		0.4525,
		1.7475,
		0.5075,
		1.805,
		0.565,
		1.86,
		0.62,
		1.9175,
		0.6775,
		1.9725,
		0.7325,
		2.03,
		0.79,
		2.085,
		0.845,
		2.1425,
		0.9025,
		2.1975,
		0.9575,
		2.255,
		1.015,
		2.3125,
		1.0725,
		2.3675,
		1.1275,
		2.425,
		1.185	],
	"ImageOrientationPatientDICOM": [
		0.997185,
		-0.0741448,
		0.0111579,
		0.0749788,
		0.986794,
		-0.14358	],
	"ImageOrientationText": "Tra>Cor(-8.3)>Sag(0.0)",
	"InPlanePhaseEncodingDirectionDICOM": "COL",
	"ConversionSoftware": "dcm2niix",
	"ConversionSoftwareVersion": "v1.0.20230411"
}
