{
	"TaskName": "msit",
	"Modality": "MR",
	"MagneticFieldStrength": 3,
	"ImagingFrequency": 123.26,
	"Manufacturer": "Siemens",
	"ManufacturersModelName": "TrioTim",
	"InstitutionName": "University of Maryland",
	"InstitutionalDepartmentName": "Department",
	"InstitutionAddress": "South Paca St 110,Baltimore,District,US,21201",
	"DeviceSerialNumber": "35035",
	"StationName": "MRC35035",
	"PatientPosition": "HFS",
	"ProcedureStepDescription": "RAO^fMRI",
	"SoftwareVersions": "syngo MR B17",
	"MRAcquisitionType": "2D",
	"SeriesDescription": "fmri_pain_MSIT_2",
	"ProtocolName": "fmri_pain_MSIT_2",
	"ScanningSequence": "EP",
	"SequenceVariant": "SK",
	"ScanOptions": "FS",
	"SequenceName": "*epfid2d1_128",
	"ImageType": ["ORIGINAL", "PRIMARY", "M", "ND", "NORM", "MOSAIC"],
	"NonlinearGradientCorrection": false,
	"SeriesNumber": 10,
	"AcquisitionTime": "13:30:32.787500",
	"AcquisitionNumber": 1,
	"SliceThickness": 4,
	"SpacingBetweenSlices": 4,
	"SAR": 0.160669,
	"EchoTime": 0.03,
	"RepetitionTime": 2.5,
	"FlipAngle": 90,
	"PartialFourier": 1,
	"BaseResolution": 128,
	"ShimSetting": [
		10694,
		-29606,
		-1934,
		810,
		-15,
		434,
		470,
		68	],
	"TxRefAmp": 325.013,
	"PhaseResolution": 1,
	"ReceiveCoilName": "32Ch_Head",
	"CoilString": "C:HEA;HEP",
	"PulseSequenceDetails": "%SiemensSeq%\\ep2d_bold",
	"RefLinesPE": 24,
	"CoilCombinationMethod": "Sum of Squares",
	"MatrixCoilMode": "GRAPPA",
	"PercentPhaseFOV": 100,
	"PercentSampling": 100,
	"PhaseEncodingSteps": 127,
	"AcquisitionMatrixPE": 128,
	"ReconMatrixPE": 128,
	"BandwidthPerPixelPhaseEncode": 20.559,
	"ParallelReductionFactorInPlane": 2,
	"EffectiveEchoSpacing": 0.000380004,
	"DerivedVendorReportedEchoSpacing": 0.000760008,
	"TotalReadoutTime": 0.0482605,
	"PixelBandwidth": 1563,
	"DwellTime": 2.5e-06,
	"PhaseEncodingDirection": "j-",
	"SliceTiming": [
		1.255,
		0,
		1.3225,
		0.07,
		1.3925,
		0.1375,
		1.4625,
		0.2075,
		1.5325,
		0.2775,
		1.6025,
		0.3475,
		1.6725,
		0.4175,
		1.7425,
		0.4875,
		1.8125,
		0.5575,
		1.8825,
		0.6275,
		1.95,
		0.6975,
		2.02,
		0.765,
		2.09,
		0.835,
		2.16,
		0.905,
		2.23,
		0.975,
		2.3,
		1.045,
		2.37,
		1.115,
		2.44,
		1.185	],
	"ImageOrientationPatientDICOM": [
		0.999182,
		0.00407031,
		0.0402305,
		4.37998e-08,
		0.994921,
		-0.100662	],
	"ImageOrientationText": "Tra>Cor(-5.8)>Sag(2.3)",
	"InPlanePhaseEncodingDirectionDICOM": "COL",
	"ConversionSoftware": "dcm2niix",
	"ConversionSoftwareVersion": "v1.0.20230411"
}
